PATH
  remote: .
  specs:
    tic_tac_toe (0.0.1)

GEM
  remote: https://rubygems.org/
  specs:

PLATFORMS
  ruby

DEPENDENCIES
  tic_tac_toe!
